GEM
  remote: https://rubygems.org/
  specs:
    cairo (1.15.9-x64-mingw32)
      native-package-installer (>= 1.0.3)
      pkg-config (>= 1.2.2)
    cairo-gobject (3.1.8-x64-mingw32)
      cairo
      glib2 (= 3.1.8)
    coderay (1.1.1)
    diff-lcs (1.3)
    ffi (1.9.18-x64-mingw32)
    formatador (0.2.5)
    gdk_pixbuf2 (3.1.8-x64-mingw32)
      gio2 (= 3.1.8)
    gio2 (3.1.8-x64-mingw32)
      glib2 (= 3.1.8)
      gobject-introspection (= 3.1.8)
    glib2 (3.1.8-x64-mingw32)
      cairo (>= 1.12.8)
      native-package-installer (>= 1.0.3)
      pkg-config (>= 1.2.2)
    gobject-introspection (3.1.8-x64-mingw32)
      glib2 (= 3.1.8)
    guard (2.14.1)
      formatador (>= 0.2.4)
      listen (>= 2.7, < 4.0)
      lumberjack (~> 1.0)
      nenv (~> 0.1)
      notiffany (~> 0.0)
      pry (>= 0.9.12)
      shellany (~> 0.0)
      thor (>= 0.18.1)
    guard-rake (1.0.0)
      guard
      rake
    listen (3.1.5)
      rb-fsevent (~> 0.9, >= 0.9.4)
      rb-inotify (~> 0.9, >= 0.9.7)
      ruby_dep (~> 1.2)
    lumberjack (1.0.12)
    mercenary (0.3.6)
    method_source (0.8.2)
    mini_portile2 (2.2.0)
    native-package-installer (1.0.4)
    nenv (0.3.0)
    nokogiri (1.8.0-x64-mingw32)
      mini_portile2 (~> 2.2.0)
    notiffany (0.1.1)
      nenv (~> 0.1)
      shellany (~> 0.0)
    pango (3.1.8-x64-mingw32)
      cairo (>= 1.14.0)
      cairo-gobject (= 3.1.8)
      gobject-introspection (= 3.1.8)
    pkg-config (1.2.3)
    pry (0.10.4)
      coderay (~> 1.1.0)
      method_source (~> 0.8.1)
      slop (~> 3.4)
    rake (12.0.0)
    rb-fsevent (0.10.2)
    rb-inotify (0.9.10)
      ffi (>= 0.5.0, < 2)
    roo (2.7.1)
      nokogiri (~> 1)
      rubyzip (~> 1.1, < 2.0.0)
    rspec (3.6.0)
      rspec-core (~> 3.6.0)
      rspec-expectations (~> 3.6.0)
      rspec-mocks (~> 3.6.0)
    rspec-core (3.6.0)
      rspec-support (~> 3.6.0)
    rspec-expectations (3.6.0)
      diff-lcs (>= 1.2.0, < 2.0)
      rspec-support (~> 3.6.0)
    rspec-mocks (3.6.0)
      diff-lcs (>= 1.2.0, < 2.0)
      rspec-support (~> 3.6.0)
    rspec-support (3.6.0)
    rsvg2 (3.1.8-x64-mingw32)
      cairo (>= 1.12.8)
      cairo-gobject (= 3.1.8)
      gdk_pixbuf2 (= 3.1.8)
      pango (>= 3.1.8)
    ruby-progressbar (1.8.1)
    ruby_dep (1.5.0)
    rubyzip (1.2.1)
    shellany (0.0.1)
    slop (3.6.0)
    squib (0.13.4)
      cairo (= 1.15.9)
      gio2 (= 3.1.8)
      gobject-introspection (= 3.1.8)
      mercenary (= 0.3.6)
      nokogiri (= 1.8.0)
      pango (= 3.1.8)
      roo (= 2.7.1)
      rsvg2 (= 3.1.8)
      ruby-progressbar (= 1.8.1)
    thor (0.19.4)

PLATFORMS
  x64-mingw32

DEPENDENCIES
  guard
  guard-rake
  rspec
  squib

BUNDLED WITH
   1.15.1
